GEM
  remote: https://rubygems.org/
  specs:
    minitest (5.25.5)

PLATFORMS
  x86_64-linux-gnu

DEPENDENCIES
  minitest

BUNDLED WITH
   2.4.20
