GEM
  remote: https://rubygems.org/
  specs:
    minitest (5.25.5)
    rake (13.3.0)

PLATFORMS
  x86_64-linux-gnu

DEPENDENCIES
  minitest
  rake

BUNDLED WITH
   2.4.20
